GEM
  remote: https://rubygems.org/
  specs:
    kramdown (1.16.2)
    mustache (1.0.5)

PLATFORMS
  x64-mingw32

DEPENDENCIES
  kramdown
  mustache (~> 1.0)

BUNDLED WITH
   1.16.1
